GEM
  remote: https://rubygems.org/
  specs:
    daemons (1.1.9)
    dotenv (1.0.2)
    eventmachine (1.0.7)
    foreman (0.78.0)
      thor (~> 0.19.1)
    httparty (0.13.5)
      json (~> 1.8)
      multi_xml (>= 0.5.2)
    json (1.8.3)
    multi_xml (0.5.5)
    rack (1.5.2)
    rack-protection (1.5.3)
      rack
    redis (3.2.1)
    ruby-thumbor (1.3.0)
    sinatra (1.4.5)
      rack (~> 1.4)
      rack-protection (~> 1.4)
      tilt (~> 1.3, >= 1.3.4)
    thin (1.6.3)
      daemons (~> 1.0, >= 1.0.9)
      eventmachine (~> 1.0)
      rack (~> 1.0)
    thor (0.19.1)
    tilt (1.4.1)

PLATFORMS
  ruby

DEPENDENCIES
  dotenv
  foreman
  httparty
  redis
  ruby-thumbor
  sinatra
  thin

BUNDLED WITH
   1.10.5
